PATH
  remote: .
  specs:
    nutcracker-graphite (0.0.3)
      graphite-api
      nutcracker

GEM
  remote: http://rubygems.org/
  specs:
    eventmachine (1.0.3)
    graphite-api (0.1.3)
      eventmachine (>= 0.3.3)
      zscheduler (>= 0.0.3)
    metaclass (0.0.1)
    minitest (5.0.2)
    mocha (0.14.0)
      metaclass (~> 0.0.1)
    nutcracker (0.3.0.12)
      redis
    redis (3.0.7)
    zscheduler (0.0.5)
      eventmachine

PLATFORMS
  ruby

DEPENDENCIES
  minitest (~> 5.0.0)
  mocha (~> 0.14.0)
  nutcracker-graphite!
